GEM
  remote: http://rubygems.org/
  specs:
    daemons (1.1.4)
    eventmachine (0.12.10)
    houdah (0.0.3)
      nokogiri (>= 1.4.4)
      thrift (>= 0.5.0)
    nokogiri (1.5.0)
    rack (1.3.2)
    sinatra (1.2.6)
      rack (~> 1.1)
      tilt (>= 1.2.2, < 2.0)
    thin (1.2.11)
      daemons (>= 1.0.9)
      eventmachine (>= 0.12.6)
      rack (>= 1.0.0)
    thrift (0.6.0)
    tilt (1.3.2)

PLATFORMS
  ruby

DEPENDENCIES
  houdah (= 0.0.3)
  sinatra (= 1.2.6)
  thin (= 1.2.11)
